PATH
  remote: .
  specs:
    windowtint (0.0.1)
      win32console

GEM
  remote: https://rubygems.org/
  specs:
    term-ansicolor (1.0.7)
    win32console (1.3.2-x86-mingw32)

PLATFORMS
  x86-mingw32

DEPENDENCIES
  term-ansicolor
  win32console
  windowtint!
