PATH
  remote: .
  specs:
    windowtint (0.0.1)

GEM
  remote: https://rubygems.org/
  specs:
    rake (10.0.3)
    term-ansicolor (1.0.7)
    win32console (1.3.2-x86-mingw32)

PLATFORMS
  ruby
  x86-mingw32

DEPENDENCIES
  rake (~> 10.0)
  term-ansicolor
  win32console
  windowtint!
